PATH
  remote: vendor/rfuse-ng
  specs:
    rfuse-ng (0.4.0)

PATH
  remote: /Users/alex/code/ruby/fargo
  specs:
    fargo (0.0.1)

GEM
  specs:

PLATFORMS
  ruby

DEPENDENCIES
  fargo!
  rfuse-ng!
