PATH
  remote: .
  specs:
    dcfs (0.0.1)
      activesupport (>= 3.0.0)
      fargo

PATH
  remote: /Users/alex/code/ruby/fargo
  specs:
    fargo (0.1.0)
      activesupport (>= 3.0.0)
      bzip2-ruby
      libxml-ruby

GEM
  remote: http://rubygems.org/
  specs:
    activesupport (3.0.0)
    bzip2-ruby (0.2.6)
    diff-lcs (1.1.2)
    libxml-ruby (1.1.4)
    rake (0.8.7)
    rcov (0.9.9)
    rspec (2.0.0.beta.22)
      rspec-core (= 2.0.0.beta.22)
      rspec-expectations (= 2.0.0.beta.22)
      rspec-mocks (= 2.0.0.beta.22)
    rspec-core (2.0.0.beta.22)
    rspec-expectations (2.0.0.beta.22)
      diff-lcs (>= 1.1.2)
    rspec-mocks (2.0.0.beta.22)
      rspec-core (= 2.0.0.beta.22)
      rspec-expectations (= 2.0.0.beta.22)

PLATFORMS
  ruby

DEPENDENCIES
  dcfs!
  fargo!
  rake
  rcov
  rspec (>= 2.0.0.beta.19)
