PATH
  remote: .
  specs:
    dtellafs (0.0.1)
      dtellafs
      fargo
      rfuse-ng

PATH
  remote: vendor/rfuse-ng
  specs:
    rfuse-ng (0.4.0)

PATH
  remote: /Users/alex/code/ruby/fargo
  specs:
    fargo (0.0.1)

GEM
  remote: http://rubygems.org/
  specs:
    diff-lcs (1.1.2)
    gemcutter (0.6.1)
    git (1.2.5)
    jeweler (1.4.0)
      gemcutter (>= 0.1.0)
      git (>= 1.2.5)
      rubyforge (>= 2.0.0)
    json_pure (1.4.6)
    rake (0.8.7)
    rcov (0.9.8)
    rspec (2.0.0.beta.20)
      rspec-core (= 2.0.0.beta.20)
      rspec-expectations (= 2.0.0.beta.20)
      rspec-mocks (= 2.0.0.beta.20)
    rspec-core (2.0.0.beta.20)
    rspec-expectations (2.0.0.beta.20)
      diff-lcs (>= 1.1.2)
    rspec-mocks (2.0.0.beta.20)
    rubyforge (2.0.4)
      json_pure (>= 1.1.7)

PLATFORMS
  ruby

DEPENDENCIES
  dtellafs!
  fargo!
  jeweler
  rake
  rcov
  rfuse-ng!
  rspec (>= 2.0.0.beta.19)
